PATH
  remote: .
  specs:
    exception_notification (2.5.6)

GEM
  remote: http://rubygems.org/
  specs:

PLATFORMS
  ruby

DEPENDENCIES
  exception_notification!
